GEM
  remote: https://rubygems.org/
  specs:
    addressable (2.5.1)
      public_suffix (~> 2.0, >= 2.0.2)
    ast (2.3.0)
    capybara (2.14.4)
      addressable
      mime-types (>= 1.16)
      nokogiri (>= 1.3.3)
      rack (>= 1.0.0)
      rack-test (>= 0.5.4)
      xpath (~> 2.0)
    cliver (0.3.2)
    coderay (1.1.1)
    diff-lcs (1.3)
    ffi (1.9.18)
    method_source (0.8.2)
    mime-types (3.1)
      mime-types-data (~> 3.2015)
    mime-types-data (3.2016.0521)
    mini_portile2 (2.2.0)
    minitest (5.10.3)
    mrspec (0.2.2)
      minitest (~> 5.0)
      rspec-core (~> 3.0)
      what_weve_got_here_is_an_error_to_communicate (~> 0.0.6)
    multi_json (1.12.1)
    mustermann (1.0.0)
    nokogiri (1.8.0)
      mini_portile2 (~> 2.2.0)
    parser (2.4.0.0)
      ast (~> 2.2)
    poltergeist (1.7.0)
      capybara (~> 2.1)
      cliver (~> 0.3.1)
      multi_json (~> 1.0)
      websocket-driver (>= 0.2.0)
    pry (0.10.4)
      coderay (~> 1.1.0)
      method_source (~> 0.8.1)
      slop (~> 3.4)
    public_suffix (2.0.5)
    rack (2.0.3)
    rack-protection (2.0.0)
      rack
    rack-test (0.6.3)
      rack (>= 1.0)
    rake (12.0.0)
    rb-fsevent (0.10.2)
    rb-inotify (0.9.10)
      ffi (>= 0.5.0, < 2)
    rouge (1.10.1)
    rspec (3.5.0)
      rspec-core (~> 3.5.0)
      rspec-expectations (~> 3.5.0)
      rspec-mocks (~> 3.5.0)
    rspec-core (3.5.4)
      rspec-support (~> 3.5.0)
    rspec-expectations (3.5.0)
      diff-lcs (>= 1.2.0, < 2.0)
      rspec-support (~> 3.5.0)
    rspec-mocks (3.5.0)
      diff-lcs (>= 1.2.0, < 2.0)
      rspec-support (~> 3.5.0)
    rspec-support (3.5.0)
    sass (3.5.1)
      sass-listen (~> 4.0.0)
    sass-listen (4.0.0)
      rb-fsevent (~> 0.9, >= 0.9.4)
      rb-inotify (~> 0.9, >= 0.9.7)
    sinatra (2.0.0)
      mustermann (~> 1.0)
      rack (~> 2.0)
      rack-protection (= 2.0.0)
      tilt (~> 2.0)
    slop (3.6.0)
    tilt (2.0.8)
    websocket-driver (0.6.5)
      websocket-extensions (>= 0.1.0)
    websocket-extensions (0.1.2)
    what_weve_got_here_is_an_error_to_communicate (0.0.6)
      rouge (~> 1.8, != 1.9.1)
    xpath (2.1.0)
      nokogiri (~> 1.3)

PLATFORMS
  ruby

DEPENDENCIES
  mrspec
  parser
  poltergeist
  pry
  rake
  rspec
  sass
  sinatra

RUBY VERSION
   ruby 2.4.1p111

BUNDLED WITH
   1.15.3
